GEM
  remote: https://rubygems.org/
  specs:
    addressable (2.3.8)
    byebug (5.0.0)
      columnize (= 0.9.0)
    columnize (0.9.0)
    cookiejar (0.3.2)
    em-http-request (1.1.2)
      addressable (>= 2.3.4)
      cookiejar
      em-socksify (>= 0.3)
      eventmachine (>= 1.0.3)
      http_parser.rb (>= 0.6.0)
    em-resolv-replace (1.1.3)
    em-socksify (0.3.0)
      eventmachine (>= 1.0.0.beta.4)
    em-synchrony (1.0.4)
      eventmachine (>= 1.0.0.beta.1)
    erubis (2.7.0)
    eventmachine (1.0.7)
    http_parser.rb (0.6.0)
    moneta (0.8.0)
    os (0.9.6)
    rack (1.6.4)
    rack-fiber_pool (0.9.3)
    rack-protection (1.5.3)
      rack
    rake (10.4.2)
    random-word (1.3.0)
    sinatra (1.4.6)
      rack (~> 1.4)
      rack-protection (~> 1.4)
      tilt (>= 1.3, < 3)
    sinatra-synchrony (0.4.1)
      em-http-request (~> 1.0)
      em-resolv-replace (~> 1.1)
      em-synchrony (~> 1.0.1)
      eventmachine (~> 1.0.0)
      rack-fiber_pool (~> 0.9)
      sinatra (~> 1.0)
    tilt (2.0.1)

PLATFORMS
  ruby

DEPENDENCIES
  byebug
  erubis
  moneta
  os
  rake
  random-word
  sinatra
  sinatra-synchrony
